GEM
  remote: https://rubygems.org/
  specs:
    unix-crypt (1.3.0)

PLATFORMS
  ruby
  x64-mingw32

DEPENDENCIES
  unix-crypt

BUNDLED WITH
   1.12.5
